GEM
  remote: https://rubygems.org/
  specs:
    addressable (2.8.7)
      public_suffix (>= 2.0.2, < 7.0)
    base64 (0.2.0)
    bigdecimal (3.1.8)
    builder (3.3.0)
    crack (1.0.0)
      bigdecimal
      rexml
    domain_name (0.6.20240107)
    haml (6.3.0)
      temple (>= 0.8.2)
      thor
      tilt
    hashdiff (1.1.1)
    http-accept (1.7.0)
    http-cookie (1.0.7)
      domain_name (~> 0.5)
    logger (1.6.1)
    mime-types (3.5.2)
      mime-types-data (~> 3.2015)
    mime-types-data (3.2024.0903)
    minitest (5.25.1)
    minitest-around (0.5.0)
      minitest (~> 5.0)
    minitest-stub_any_instance (1.0.3)
    multi_json (1.15.0)
    mustermann (3.0.3)
      ruby2_keywords (~> 0.0.1)
    netrc (0.11.0)
    nio4r (2.7.3)
    ostruct (0.6.0)
    public_suffix (6.0.1)
    puma (6.4.3)
      nio4r (~> 2.0)
    rack (3.1.7)
    rack-protection (4.0.0)
      base64 (>= 0.1.0)
      rack (>= 3.0.0, < 4)
    rack-session (2.0.0)
      rack (>= 3.0.0)
    rack-test (2.1.0)
      rack (>= 1.3)
    rackup (2.1.0)
      rack (>= 3)
      webrick (~> 1.8)
    rake (13.2.1)
    rest-client (2.1.0)
      http-accept (>= 1.7.0, < 2.0)
      http-cookie (>= 1.0.2, < 2.0)
      mime-types (>= 1.16, < 4.0)
      netrc (~> 0.8)
    rexml (3.3.8)
    rss (0.2.9)
      rexml
    ruby2_keywords (0.0.5)
    sinatra (4.0.0)
      mustermann (~> 3.0)
      rack (>= 3.0.0, < 4)
      rack-protection (= 4.0.0)
      rack-session (>= 2.0.0, < 3)
      tilt (~> 2.0)
    sinatra-contrib (4.0.0)
      multi_json (>= 0.0.2)
      mustermann (~> 3.0)
      rack-protection (= 4.0.0)
      sinatra (= 4.0.0)
      tilt (~> 2.0)
    temple (0.10.3)
    thor (1.3.2)
    tilt (2.4.0)
    webmock (3.23.1)
      addressable (>= 2.8.0)
      crack (>= 0.3.2)
      hashdiff (>= 0.4.0, < 2.0.0)
    webrick (1.8.2)

PLATFORMS
  arm64-darwin-23
  x86_64-linux

DEPENDENCIES
  builder (~> 3.2)
  haml (~> 6.1)
  logger (~> 1.6)
  minitest (~> 5.17)
  minitest-around (~> 0.5.0)
  minitest-stub_any_instance (~> 1.0)
  ostruct (~> 0.6.0)
  puma (~> 6.0)
  rack
  rack-test (~> 2.0)
  rackup (~> 2.1)
  rake (~> 13.0)
  rest-client (~> 2.1)
  rexml (~> 3.2)
  rss (~> 0.2.9)
  sinatra
  sinatra-contrib
  webmock (~> 3.18)

BUNDLED WITH
   2.5.20
